GEM
  specs:
    execjs (2.2.0)
    json (1.8.1)
    rake (10.3.2)
    uglifier (2.5.1)
      execjs (>= 0.3.0)
      json (>= 1.8.0)

PLATFORMS
  ruby

DEPENDENCIES
  rake
  uglifier
